PATH
  remote: .
  specs:
    gcore-ruby (0.2.0)
      rest-client (~> 1.6, >= 1.6.7)

GEM
  remote: https://rubygems.org/
  specs:
    mime-types (2.3)
    netrc (0.7.7)
    rake (0.9.6)
    rest-client (1.7.1)
      mime-types (>= 1.16, < 3.0)
      netrc (~> 0.7)

PLATFORMS
  ruby

DEPENDENCIES
  bundler (~> 1.6)
  gcore-ruby!
  rake (~> 0)
